GEM
  remote: https://rubygems.org/
  remote: http://tuka.library.upenn.int:9292/
  specs:
    builder (3.2.3)
    excon (0.61.0)
    fog-aws (2.0.1)
      fog-core (~> 1.38)
      fog-json (~> 1.0)
      fog-xml (~> 0.1)
      ipaddress (~> 0.8)
    fog-core (1.45.0)
      builder
      excon (~> 0.58)
      formatador (~> 0.2)
    fog-json (1.0.2)
      fog-core (~> 1.0)
      multi_json (~> 1.10)
    fog-xml (0.1.3)
      fog-core
      nokogiri (>= 1.5.11, < 2.0.0)
    formatador (0.2.5)
    ipaddress (0.8.3)
    mini_portile2 (2.3.0)
    multi_json (1.13.1)
    nokogiri (1.8.2)
      mini_portile2 (~> 2.3.0)
    smarter_csv (1.2.3)
    stronghold (0.1.0)
      fog-aws (~> 2.0)
    todo_runner (0.3.0)

PLATFORMS
  ruby

DEPENDENCIES
  smarter_csv
  stronghold
  todo_runner

BUNDLED WITH
   1.16.0
