GIT
  remote: https://github.com/upenn-libraries/stronghold.git
  revision: 84e758f06a3db4d07df20c041e9af912e5c9b7b5
  specs:
    stronghold (0.1.0)
      fog-aws (~> 2.0)

GIT
  remote: https://github.com/upenn-libraries/todo_runner.git
  revision: f305d4a8d604bb27007dbf70018848786d47b0bc
  specs:
    todo_runner (0.3.0)

GEM
  remote: https://rubygems.org/
  specs:
    builder (3.2.3)
    excon (0.62.0)
    fog-aws (2.0.1)
      fog-core (~> 1.38)
      fog-json (~> 1.0)
      fog-xml (~> 0.1)
      ipaddress (~> 0.8)
    fog-core (1.45.0)
      builder
      excon (~> 0.58)
      formatador (~> 0.2)
    fog-json (1.0.2)
      fog-core (~> 1.0)
      multi_json (~> 1.10)
    fog-xml (0.1.3)
      fog-core
      nokogiri (>= 1.5.11, < 2.0.0)
    formatador (0.2.5)
    ipaddress (0.8.3)
    mini_portile2 (2.3.0)
    multi_json (1.13.1)
    nokogiri (1.8.2)
      mini_portile2 (~> 2.3.0)
    smarter_csv (1.2.3)

PLATFORMS
  ruby

DEPENDENCIES
  smarter_csv
  stronghold!
  todo_runner!

BUNDLED WITH
   1.16.0
